GEM
  remote: https://rubygems.org/
  specs:
    cli-colorize (2.0.0)

PLATFORMS
  x64-mingw32

DEPENDENCIES
  cli-colorize

BUNDLED WITH
   2.1.4
